GEM
  remote: https://rubygems.org/
  specs:
    erubis (2.7.0)
    pg (1.1.3)
    puma (3.12.0)
    rack (2.0.6)
    rack-unreloader (1.6.0)
    rake (12.3.1)
    roda (3.14.0)
      rack
    sequel (5.14.0)
    tilt (2.0.8)

PLATFORMS
  ruby

DEPENDENCIES
  erubis
  pg
  puma
  rack-unreloader
  rake
  roda
  sequel
  tilt

RUBY VERSION
   ruby 2.4.1p111

BUNDLED WITH
   1.15.4
